GEM
  remote: https://rubygems.org/
  specs:
    badgerfish (0.2.1)
      htmlentities
      ox (>= 2.1.1)
    htmlentities (4.3.4)
    load_path (0.2.1)
    mini_portile (0.6.2)
    minitest (5.7.0)
    moneta (0.8.0)
    nokogiri (1.6.6.2)
      mini_portile (~> 0.6.0)
    ox (2.2.0)
    slowweb (0.1.1)

PLATFORMS
  ruby

DEPENDENCIES
  badgerfish
  load_path
  minitest
  moneta
  nokogiri
  slowweb

BUNDLED WITH
   1.10.5
