GEM
  remote: https://rubygems.org/
  specs:
    badgerfish (0.2.1)
      htmlentities
      ox (>= 2.1.1)
    htmlentities (4.3.4)
    load_path (0.2.1)
    mini_portile2 (2.3.0)
    minitest (5.7.0)
    moneta (0.8.0)
    nokogiri (1.8.4)
      mini_portile2 (~> 2.3.0)
    ox (2.9.3)
    slowweb (0.1.1)

PLATFORMS
  ruby

DEPENDENCIES
  badgerfish
  load_path
  minitest
  moneta
  nokogiri
  slowweb

BUNDLED WITH
   1.16.1
