GEM
  remote: https://rubygems.org/
  specs:
    ansi (1.5.0)
    badgerfish (0.2.0)
      htmlentities
      ox (>= 2.1.1)
    builder (3.2.2)
    htmlentities (4.3.3)
    mini_portile (0.6.2)
    minitest (5.4.3)
    minitest-reporters (1.0.17)
      ansi
      builder
      minitest (>= 5.0)
      ruby-progressbar
    moneta (0.8.0)
    nokogiri (1.6.6.2)
      mini_portile (~> 0.6.0)
    ox (2.1.8)
    redis (3.2.1)
    ruby-progressbar (1.7.5)
    slowweb (0.1.1)

PLATFORMS
  ruby

DEPENDENCIES
  badgerfish
  minitest
  minitest-reporters
  moneta
  nokogiri
  redis
  slowweb

BUNDLED WITH
   1.10.5
