GEM
  remote: https://rubygems.org/
  specs:
    badgerfish (0.2.0)
      htmlentities
      ox (>= 2.1.1)
    diff-lcs (1.2.5)
    htmlentities (4.3.3)
    mini_portile (0.6.2)
    nokogiri (1.6.6.2)
      mini_portile (~> 0.6.0)
    ox (2.1.8)
    rspec (3.2.0)
      rspec-core (~> 3.2.0)
      rspec-expectations (~> 3.2.0)
      rspec-mocks (~> 3.2.0)
    rspec-core (3.2.1)
      rspec-support (~> 3.2.0)
    rspec-expectations (3.2.0)
      diff-lcs (>= 1.2.0, < 2.0)
      rspec-support (~> 3.2.0)
    rspec-mocks (3.2.1)
      diff-lcs (>= 1.2.0, < 2.0)
      rspec-support (~> 3.2.0)
    rspec-support (3.2.2)
    slowweb (0.1.1)

PLATFORMS
  ruby

DEPENDENCIES
  badgerfish
  nokogiri
  rspec
  slowweb
