PATH
  remote: .
  specs:
    eve_badger (0.1.4)
      badgerfish (~> 0.2.0)
      moneta (~> 0.8.0)
      nokogiri (~> 1.6)

GEM
  remote: https://rubygems.org/
  specs:
    badgerfish (0.2.1)
      htmlentities
      ox (>= 2.1.1)
    htmlentities (4.3.4)
    mini_portile2 (2.0.0)
    minitest (5.8.4)
    moneta (0.8.0)
    nokogiri (1.6.7.2)
      mini_portile2 (~> 2.0.0.rc2)
    ox (2.2.4)
    rake (10.5.0)

PLATFORMS
  ruby

DEPENDENCIES
  eve_badger!
  minitest (~> 5.7)
  rake

BUNDLED WITH
   1.11.2
