GEM
  remote: https://rubygems.org/
  specs:
    badgerfish (0.2.0)
      htmlentities
      ox (>= 2.1.1)
    diff-lcs (1.2.5)
    docile (1.1.5)
    htmlentities (4.3.3)
    mini_portile (0.6.2)
    moneta (0.8.0)
    multi_json (1.11.0)
    nokogiri (1.6.6.2)
      mini_portile (~> 0.6.0)
    ox (2.1.8)
    redis (3.2.1)
    rspec (3.2.0)
      rspec-core (~> 3.2.0)
      rspec-expectations (~> 3.2.0)
      rspec-mocks (~> 3.2.0)
    rspec-core (3.2.1)
      rspec-support (~> 3.2.0)
    rspec-expectations (3.2.0)
      diff-lcs (>= 1.2.0, < 2.0)
      rspec-support (~> 3.2.0)
    rspec-mocks (3.2.1)
      diff-lcs (>= 1.2.0, < 2.0)
      rspec-support (~> 3.2.0)
    rspec-support (3.2.2)
    simplecov (0.9.2)
      docile (~> 1.1.0)
      multi_json (~> 1.0)
      simplecov-html (~> 0.9.0)
    simplecov-html (0.9.0)
    slowweb (0.1.1)

PLATFORMS
  ruby

DEPENDENCIES
  badgerfish
  moneta
  nokogiri
  redis
  rspec
  simplecov
  slowweb
